PATH
  remote: .
  specs:
    idempotency (0.1.4)
      base64
      dry-configurable
      dry-monitor
      msgpack
      redis

GEM
  remote: https://rubygems.org/
  specs:
    ast (2.4.2)
    base64 (0.2.0)
    byebug (11.1.3)
    coderay (1.1.3)
    concurrent-ruby (1.3.4)
    connection_pool (2.4.1)
    diff-lcs (1.5.1)
    dry-configurable (1.2.0)
      dry-core (~> 1.0, < 2)
      zeitwerk (~> 2.6)
    dry-core (1.0.2)
      concurrent-ruby (~> 1.0)
      logger
      zeitwerk (~> 2.6)
    dry-events (1.0.1)
      concurrent-ruby (~> 1.0)
      dry-core (~> 1.0, < 2)
    dry-monitor (1.0.1)
      dry-configurable (~> 1.0, < 2)
      dry-core (~> 1.0, < 2)
      dry-events (~> 1.0, < 2)
    hanami-controller (1.3.3)
      hanami-utils (~> 1.3)
      rack (~> 2.0)
    hanami-utils (1.3.8)
      concurrent-ruby (~> 1.0)
      transproc (~> 1.0)
    json (2.8.1)
    language_server-protocol (3.17.0.3)
    logger (1.6.1)
    method_source (1.1.0)
    mock_redis (0.46.0)
    msgpack (1.7.5)
    parallel (1.26.3)
    parser (3.3.6.0)
      ast (~> 2.4.1)
      racc
    pry (0.14.2)
      coderay (~> 1.1)
      method_source (~> 1.0)
    pry-byebug (3.10.1)
      byebug (~> 11.0)
      pry (>= 0.13, < 0.15)
    racc (1.8.1)
    rack (2.2.10)
    rainbow (3.1.1)
    redis (5.3.0)
      redis-client (>= 0.22.0)
    redis-client (0.22.2)
      connection_pool
    regexp_parser (2.9.2)
    rspec (3.13.0)
      rspec-core (~> 3.13.0)
      rspec-expectations (~> 3.13.0)
      rspec-mocks (~> 3.13.0)
    rspec-core (3.13.2)
      rspec-support (~> 3.13.0)
    rspec-expectations (3.13.3)
      diff-lcs (>= 1.2.0, < 2.0)
      rspec-support (~> 3.13.0)
    rspec-mocks (3.13.2)
      diff-lcs (>= 1.2.0, < 2.0)
      rspec-support (~> 3.13.0)
    rspec-support (3.13.1)
    rubocop (1.68.0)
      json (~> 2.3)
      language_server-protocol (>= 3.17.0)
      parallel (~> 1.10)
      parser (>= 3.3.0.2)
      rainbow (>= 2.2.2, < 4.0)
      regexp_parser (>= 2.4, < 3.0)
      rubocop-ast (>= 1.32.2, < 2.0)
      ruby-progressbar (~> 1.7)
      unicode-display_width (>= 2.4.0, < 3.0)
    rubocop-ast (1.35.0)
      parser (>= 3.3.1.0)
    ruby-progressbar (1.13.0)
    transproc (1.1.1)
    unicode-display_width (2.6.0)
    zeitwerk (2.6.18)

PLATFORMS
  arm64-darwin-21
  ruby

DEPENDENCIES
  connection_pool
  dry-monitor
  hanami-controller (~> 1.3)
  idempotency!
  mock_redis
  pry-byebug
  rspec (~> 3.0)
  rubocop (~> 1.21)

BUNDLED WITH
   2.5.11
